PATH
  remote: .
  specs:
    server_timing-ts (0.1.0)
      ruby_tree_sitter (~> 1.11)

GEM
  remote: https://rubygems.org/
  specs:
    benchmark-ips (2.14.0)
    date (3.4.1)
    debug (1.10.0)
      irb (~> 1.10)
      reline (>= 0.3.8)
    io-console (0.8.0)
    irb (1.14.3)
      rdoc (>= 4.0.0)
      reline (>= 0.4.2)
    oppen (0.9.8)
    psych (5.2.2)
      date
      stringio
    rake (13.2.1)
    rdoc (6.10.0)
      psych (>= 4.0.0)
    reline (0.6.0)
      io-console (~> 0.5)
    ruby_tree_sitter (1.11.1)
      oppen (= 0.9.8)
      sorbet-runtime
      zeitwerk
    ruby_tree_sitter (1.11.1-aarch64-linux-gnu)
      oppen (= 0.9.8)
      sorbet-runtime
      zeitwerk
    ruby_tree_sitter (1.11.1-aarch64-linux-musl)
      oppen (= 0.9.8)
      sorbet-runtime
      zeitwerk
    ruby_tree_sitter (1.11.1-arm-linux-gnu)
      oppen (= 0.9.8)
      sorbet-runtime
      zeitwerk
    ruby_tree_sitter (1.11.1-arm-linux-musl)
      oppen (= 0.9.8)
      sorbet-runtime
      zeitwerk
    ruby_tree_sitter (1.11.1-arm64-darwin)
      oppen (= 0.9.8)
      sorbet-runtime
      zeitwerk
    ruby_tree_sitter (1.11.1-x86-linux-musl)
      oppen (= 0.9.8)
      sorbet-runtime
      zeitwerk
    ruby_tree_sitter (1.11.1-x86_64-darwin)
      oppen (= 0.9.8)
      sorbet-runtime
      zeitwerk
    ruby_tree_sitter (1.11.1-x86_64-linux-gnu)
      oppen (= 0.9.8)
      sorbet-runtime
      zeitwerk
    ruby_tree_sitter (1.11.1-x86_64-linux-musl)
      oppen (= 0.9.8)
      sorbet-runtime
      zeitwerk
    sorbet-runtime (0.5.11746)
    stringio (3.1.2)
    zeitwerk (2.7.1)

PLATFORMS
  aarch64-linux-gnu
  aarch64-linux-musl
  arm-linux-gnu
  arm-linux-musl
  arm64-darwin
  ruby
  x86-linux-musl
  x86_64-darwin
  x86_64-linux-gnu
  x86_64-linux-musl

DEPENDENCIES
  benchmark-ips
  debug
  rake (~> 13.0)
  server_timing-ts!

BUNDLED WITH
   2.5.11
